GEM
  remote: http://rubygems.org/
  specs:
    faraday (0.8.4)
      multipart-post (~> 1.1)
    multi_json (1.3.7)
    multipart-post (1.1.5)
    oj (1.4.5)
    simple_oauth (0.1.9)
    twitter (4.3.0)
      faraday (~> 0.8)
      multi_json (~> 1.3)
      simple_oauth (~> 0.1.6)

PLATFORMS
  java
  ruby

DEPENDENCIES
  oj
  twitter
